GIT
  remote: git://github.com/glejeune/ruby-leap-motion-ws.git
  revision: 252c1c986ffc5e1b157fa03e9e588b76c95e5a96
  specs:
    leap-motion-ws (0.0.3)
      json
      websocket

GEM
  remote: https://rubygems.org/
  specs:
    drip (0.0.2)
      rbtree
    hue (0.1.3)
      json
      thor
    json (1.8.1)
    rbtree (0.4.2)
    thor (0.19.1)
    websocket (1.2.1)

PLATFORMS
  ruby

DEPENDENCIES
  drip
  hue
  leap-motion-ws!
