GEM
  remote: https://rubygems.org/
  specs:
    eventmachine (1.0.6)
    hue (0.1.3)
      json
      thor
    json (1.8.2)
    leap-motion-ws (0.0.2)
      json
      websocket-eventmachine-client
    thor (0.19.1)
    websocket (1.2.1)
    websocket-eventmachine-base (1.1.0)
      eventmachine (~> 1.0)
      websocket (~> 1.0)
      websocket-native (~> 1.0)
    websocket-eventmachine-client (1.1.0)
      websocket-eventmachine-base (~> 1.0)
    websocket-native (1.0.0)

PLATFORMS
  ruby

DEPENDENCIES
  hue
  leap-motion-ws
