GEM
  remote: https://rubygems.org/
  specs:
    addressable (2.3.6)
    cookiejar (0.3.2)
    em-http-request (1.1.2)
      addressable (>= 2.3.4)
      cookiejar
      em-socksify (>= 0.3)
      eventmachine (>= 1.0.3)
      http_parser.rb (>= 0.6.0)
    em-socksify (0.3.0)
      eventmachine (>= 1.0.0.beta.4)
    eventmachine (1.0.3)
    http_parser.rb (0.6.0)
    hue (0.1.3)
      json
      thor
    json (1.8.1)
    leap-motion-ws (0.0.2)
      json
      websocket-eventmachine-client
    thor (0.19.1)
    websocket (1.2.1)
    websocket-eventmachine-base (1.1.0)
      eventmachine (~> 1.0)
      websocket (~> 1.0)
      websocket-native (~> 1.0)
    websocket-eventmachine-client (1.1.0)
      websocket-eventmachine-base (~> 1.0)
    websocket-native (1.0.0)

PLATFORMS
  ruby

DEPENDENCIES
  em-http-request
  hue
  leap-motion-ws
